GEM
  remote: https://rubygems.org/
  specs:
    concurrent-ruby (1.1.9)
    faker (2.19.0)
      i18n (>= 1.6, < 2)
    i18n (1.8.11)
      concurrent-ruby (~> 1.0)
    pg (1.2.3)

PLATFORMS
  x86_64-linux

DEPENDENCIES
  faker
  pg

BUNDLED WITH
   2.2.3
